GEM
  remote: https://rubygems.org/
  specs:
    logger (1.7.0)
    minitest (5.25.5)

PLATFORMS
  ruby
  x86_64-darwin-24

DEPENDENCIES
  logger
  minitest

BUNDLED WITH
   2.6.2
